GEM
  remote: http://rubygems.org/
  specs:
    racc (1.4.6)

PLATFORMS
  ruby

DEPENDENCIES
  racc (= 1.4.6)
